GEM
  remote: https://rubygems.org/
  specs:
    ast (2.4.2)
    byebug (11.1.3)
    coderay (1.1.3)
    dotenv (2.8.1)
    ffi (1.15.5)
    google-protobuf (3.21.12)
    googleapis-common-protos-types (1.5.0)
      google-protobuf (~> 3.14)
    grpc (1.51.0)
      google-protobuf (~> 3.21)
      googleapis-common-protos-types (~> 1.0)
    json (2.6.3)
    listen (3.8.0)
      rb-fsevent (~> 0.10, >= 0.10.3)
      rb-inotify (~> 0.9, >= 0.9.10)
    lnd-client (0.0.4)
      grpc (~> 1.51)
    method_source (1.0.0)
    mini_portile2 (2.8.1)
    nio4r (2.5.8)
    parallel (1.22.1)
    parser (3.2.0.0)
      ast (~> 2.4.1)
    pry (0.14.2)
      coderay (~> 1.1)
      method_source (~> 1.0)
    pry-byebug (3.10.1)
      byebug (~> 11.0)
      pry (>= 0.13, < 0.15)
    puma (6.0.2)
      nio4r (~> 2.0)
    rack (3.0.4.1)
    rack-cors (2.0.0.rc1)
      rack (>= 2.0.0)
    rackup (2.1.0)
      rack (>= 3)
      webrick (~> 1.8)
    rainbow (3.1.1)
    rake (13.0.6)
    rb-fsevent (0.11.2)
    rb-inotify (0.10.1)
      ffi (~> 1.0)
    rdkafka (0.13.0.beta.3)
      ffi (~> 1.15)
      mini_portile2 (~> 2.6)
      rake (> 12)
    regexp_parser (2.6.2)
    rerun (0.14.0)
      listen (~> 3.0)
    rexml (3.2.5)
    roda (3.64.0)
      rack
    rubocop (1.44.1)
      json (~> 2.3)
      parallel (~> 1.10)
      parser (>= 3.2.0.0)
      rainbow (>= 2.2.2, < 4.0)
      regexp_parser (>= 1.8, < 3.0)
      rexml (>= 3.2.5, < 4.0)
      rubocop-ast (>= 1.24.1, < 2.0)
      ruby-progressbar (~> 1.7)
      unicode-display_width (>= 2.4.0, < 3.0)
    rubocop-ast (1.24.1)
      parser (>= 3.1.1.0)
    ruby-progressbar (1.11.0)
    unicode-display_width (2.4.2)
    webrick (1.8.1)

PLATFORMS
  x86_64-linux

DEPENDENCIES
  dotenv (~> 2.8, >= 2.8.1)
  lnd-client (~> 0.0.4)
  pry-byebug (~> 3.10, >= 3.10.1)
  puma (~> 6.0, >= 6.0.2)
  rack (~> 3.0, >= 3.0.4)
  rack-cors (~> 2.0.0.rc1)
  rackup (~> 2.1)
  rdkafka (~> 0.13.0.beta.3)
  rerun (~> 0.14.0)
  roda (~> 3.64)
  rubocop (~> 1.44, >= 1.44.1)

RUBY VERSION
   ruby 3.2.0p0

BUNDLED WITH
   2.4.4
